GEM
  remote: https://rubygems.org/
  specs:
    curses (1.3.1)
    diff-lcs (1.3)
    dispel (0.1.0)
      curses
    rspec (3.8.0)
      rspec-core (~> 3.8.0)
      rspec-expectations (~> 3.8.0)
      rspec-mocks (~> 3.8.0)
    rspec-core (3.8.2)
      rspec-support (~> 3.8.0)
    rspec-expectations (3.8.4)
      diff-lcs (>= 1.2.0, < 2.0)
      rspec-support (~> 3.8.0)
    rspec-mocks (3.8.1)
      diff-lcs (>= 1.2.0, < 2.0)
      rspec-support (~> 3.8.0)
    rspec-support (3.8.2)
    ruby2d (0.9.2)

PLATFORMS
  ruby

DEPENDENCIES
  dispel
  rspec
  ruby2d

BUNDLED WITH
   1.17.2
